GIT
  remote: git://github.com/dtk/dtk-common-core.git
  revision: 434e0ee4a060b70bfe86b2f116765d61b023bbb7
  specs:
    dtk-common-core (0.12.0)
      rest-client (~> 1.7.3)

GIT
  remote: git://github.com/dtk/dtk-common.git
  revision: fcc41eb7ebee60c1d39d4699820d91483982220d
  specs:
    dtk-common (0.12.0)
      colorize (~> 0.5.8)
      dtk-common-core (= 0.12.0)
      erubis (~> 2.7)
      gitlab-grit (~> 2.8)
      rugged (~> 0.17.0.b7)

GEM
  remote: https://rubygems.org/
  specs:
    activesupport (4.1.16)
      i18n (~> 0.6, >= 0.6.9)
      json (~> 1.7, >= 1.7.7)
      minitest (~> 5.1)
      thread_safe (~> 0.1)
      tzinfo (~> 1.1)
    addressable (2.4.0)
    awesome_print (1.1.0)
    aws-sdk (2.9.16)
      aws-sdk-resources (= 2.9.16)
    aws-sdk-core (2.9.16)
      aws-sigv4 (~> 1.0)
      jmespath (~> 1.0)
    aws-sdk-resources (2.9.16)
      aws-sdk-core (= 2.9.16)
    aws-sigv4 (1.0.0)
    blankslate (2.1.2.4)
    byebug (10.0.1)
    celluloid (0.16.0)
      timers (~> 4.0.0)
    charlock_holmes (0.7.6)
    colorize (0.5.8)
    concurrent-ruby (1.0.5)
    daemons (1.1.9)
    diff-lcs (1.3)
    docile (1.1.3)
    dtk-dsl (1.1.4)
    erubis (2.7.0)
    eventmachine (1.0.8)
    excon (0.54.0)
    facter (1.7.6)
    file-tail (1.0.12)
      tins (~> 0.5)
    gitlab-grit (2.8.2)
      charlock_holmes (~> 0.6)
      diff-lcs (~> 1.1)
      mime-types (>= 1.16)
      posix-spawn (~> 0.3)
    hiera (1.3.4)
      json_pure
    hitimes (1.2.2)
    i18n (0.9.1)
      concurrent-ruby (~> 1.0)
    iconv (1.0.4)
    innate (2012.03)
      rack (~> 1.4.1)
    jmespath (1.3.1)
    json (1.8.3)
    json_pure (1.8.1)
    looksee (4.0.0)
    mcollective-client (2.5.3)
      json
      stomp
      systemu
    mime (0.4.3)
    mime-types (2.99.3)
    minitest (5.10.3)
    mustache (0.99.8)
    net-scp (1.2.1)
      net-ssh (>= 2.6.5)
    net-ssh (2.9.4)
    netrc (0.11.0)
    parslet (1.5.0)
      blankslate (~> 2.0)
    pg (0.15.1)
    posix-spawn (0.3.13)
    puppet (3.4.0)
      facter (~> 1.6)
      hiera (~> 1.0)
      rgen (~> 0.6.5)
    rack (1.4.7)
    ramaze (2012.04.14)
      innate (>= 2012.03)
    redis (3.2.0)
    rest-client (1.7.3)
      mime-types (>= 1.16, < 3.0)
      netrc (~> 0.7)
    rgen (0.6.6)
    rspec (2.99.0)
      rspec-core (~> 2.99.0)
      rspec-expectations (~> 2.99.0)
      rspec-mocks (~> 2.99.0)
    rspec-core (2.99.2)
    rspec-expectations (2.99.2)
      diff-lcs (>= 1.1.3, < 2.0)
    rspec-mocks (2.99.3)
    ruby2ruby (1.3.1)
      ruby_parser (~> 2.0)
      sexp_processor (~> 3.0)
    ruby_parser (2.3.1)
      sexp_processor (~> 3.0)
    rufus-cloche (1.0.4)
      rufus-json (>= 1.0.3)
    rufus-dollar (1.0.4)
    rufus-json (1.0.6)
    rufus-mnemo (1.2.3)
    rufus-scheduler (3.0.7)
      tzinfo
    rufus-treechecker (1.0.8)
      ruby_parser (>= 2.0.5)
    rugged (0.17.0.b7)
    ruote (2.3.0.1)
      blankslate (= 2.1.2.4)
      parslet (>= 1.4.0)
      rufus-cloche (>= 1.0.2)
      rufus-dollar (>= 1.0.4)
      rufus-json (>= 1.0.1)
      rufus-mnemo (>= 1.2.2)
      rufus-scheduler (>= 2.0.16)
      rufus-treechecker (>= 1.0.8)
      sourcify (= 0.5.0)
    sequel (3.25.0)
    sexp_processor (3.2.0)
    sourcify (0.5.0)
      file-tail (>= 1.0.5)
      ruby2ruby (>= 1.2.5)
      ruby_parser (>= 2.0.5)
      sexp_processor (>= 3.0.5)
    sshkey (1.6.1)
    sshkeyauth (0.0.11)
      net-ssh
    stomp (1.1.9)
    systemu (2.6.5)
    thin (1.6.2)
      daemons (>= 1.0.9)
      eventmachine (>= 1.0.0)
      rack (>= 1.0.0)
    thread_safe (0.3.3)
    timers (4.0.1)
      hitimes
    tins (0.13.2)
    tzinfo (1.1.0)
      thread_safe (~> 0.1)

PLATFORMS
  ruby

DEPENDENCIES
  activesupport
  addressable
  awesome_print (= 1.1.0)
  aws-sdk
  byebug
  celluloid
  colorize (~> 0.5.8)
  docile
  dtk-common!
  dtk-common-core!
  dtk-dsl
  eventmachine (= 1.0.8)
  excon
  i18n
  iconv
  innate (= 2012.03)
  json (= 1.8.3)
  looksee
  mcollective-client (~> 2.5.2)
  mime
  mustache (~> 0.99.8)
  net-scp
  pg (~> 0.15.0)
  puppet (= 3.4.0)
  ramaze (= 2012.04.14)
  redis
  rspec (= 2.99.0)
  ruby_parser
  rugged (= 0.17.0.b7)
  ruote (= 2.3.0.1)
  sequel (= 3.25.0)
  sshkey (= 1.6.1)
  sshkeyauth (= 0.0.11)
  stomp (= 1.1.9)
  thin

RUBY VERSION
   ruby 2.2.9p480

BUNDLED WITH
   1.16.2
