GIT
  remote: git://github.com/rich-reactor8/dtk-common-repo.git
  revision: 663c8b3bfe7851823ed0b05aaf88f5e0d85f5493
  specs:
    dtk-common-core (0.6.4)
      rest-client (~> 1.6.7)

GIT
  remote: git://github.com/rich-reactor8/dtk-common.git
  revision: f206cd476697e2e8e1b26d54177b9ce19f4de6af
  specs:
    dtk-common (0.6.3)
      colorize (~> 0.5.8)
      dtk-common-core (~> 0.6.0)
      rugged (~> 0.17.0.b7)

GEM
  remote: http://rubygems.org/
  remote: http://gems.github.com/
  specs:
    activesupport (3.0.20)
    awesome_print (1.1.0)
    blankslate (2.1.2.4)
    builder (3.2.2)
    bunny (0.7.9)
    chef (10.16.2)
      bunny (>= 0.6.0, < 0.8.0)
      erubis
      highline (>= 1.6.9)
      json (>= 1.4.4, <= 1.6.1)
      mixlib-authentication (>= 1.3.0)
      mixlib-cli (>= 1.1.0)
      mixlib-config (>= 1.1.2)
      mixlib-log (>= 1.3.0)
      mixlib-shellout
      moneta
      net-ssh (~> 2.2.2)
      net-ssh-multi (~> 1.1.0)
      ohai (>= 0.6.0)
      rest-client (>= 1.0.4, < 1.7.0)
      treetop (~> 1.4.9)
      uuidtools
      yajl-ruby (~> 1.1)
    colorize (0.5.8)
    columnize (0.8.9)
    daemons (1.1.9)
    debugger (1.6.8)
      columnize (>= 0.3.1)
      debugger-linecache (~> 1.2.0)
      debugger-ruby_core_source (~> 1.3.5)
    debugger-linecache (1.2.0)
    debugger-ruby_core_source (1.3.5)
    diff-lcs (1.1.3)
    docile (1.1.3)
    em-ssh (0.6.5)
      eventmachine
      net-ssh
    erubis (2.7.0)
    eventmachine (1.0.3)
    excon (0.16.10)
    facter (1.7.6)
    file-tail (1.0.12)
      tins (~> 0.5)
    fog (1.8.0)
      builder
      excon (~> 0.14)
      formatador (~> 0.2.0)
      mime-types
      multi_json (~> 1.0)
      net-scp (~> 1.0.4)
      net-ssh (>= 2.1.3)
      nokogiri (~> 1.5.0)
      ruby-hmac
    formatador (0.2.4)
    grit (2.5.0)
      diff-lcs (~> 1.1)
      mime-types (~> 1.15)
      posix-spawn (~> 0.3.6)
    hiera (1.3.4)
      json_pure
    highline (1.6.21)
    iconv (1.0.4)
    innate (2012.03)
      rack (~> 1.4.1)
    ipaddress (0.8.0)
    json (1.5.2)
    json_pure (1.8.1)
    looksee (2.1.1)
    mcollective-client (2.2.3)
      json
      stomp
      systemu
    mime-types (1.25.1)
    mixlib-authentication (1.3.0)
      mixlib-log
    mixlib-cli (1.4.0)
    mixlib-config (2.1.0)
    mixlib-log (1.6.0)
    mixlib-shellout (1.4.0)
    moneta (0.7.20)
    multi_json (1.9.2)
    net-scp (1.0.4)
      net-ssh (>= 1.99.1)
    net-ssh (2.2.2)
    net-ssh-gateway (1.1.0)
      net-ssh (>= 1.99.1)
    net-ssh-multi (1.1)
      net-ssh (>= 2.1.4)
      net-ssh-gateway (>= 0.99.0)
    nokogiri (1.5.11)
    ohai (7.0.0)
      ipaddress
      mime-types (~> 1.16)
      mixlib-cli
      mixlib-config (~> 2.0)
      mixlib-log
      mixlib-shellout (~> 1.2)
      systemu (~> 2.5.2)
      yajl-ruby
    parslet (1.5.0)
      blankslate (~> 2.0)
    pg (0.14.1)
    polyglot (0.3.4)
    posix-spawn (0.3.8)
    puppet (3.4.0)
      facter (~> 1.6)
      hiera (~> 1.0)
      rgen (~> 0.6.5)
    rack (1.4.5)
    ramaze (2012.04.14)
      innate (>= 2012.03)
    rdoc (4.1.2)
      json (~> 1.4)
    rest-client (1.6.8)
      mime-types (~> 1.16)
      rdoc (>= 2.4.2)
    rgen (0.6.6)
    rspec (2.11.0)
      rspec-core (~> 2.11.0)
      rspec-expectations (~> 2.11.0)
      rspec-mocks (~> 2.11.0)
    rspec-core (2.11.1)
    rspec-expectations (2.11.3)
      diff-lcs (~> 1.1.3)
    rspec-mocks (2.11.3)
    ruby-hmac (0.4.0)
    ruby2ruby (1.3.1)
      ruby_parser (~> 2.0)
      sexp_processor (~> 3.0)
    ruby_parser (2.3.1)
      sexp_processor (~> 3.0)
    rufus-cloche (1.0.4)
      rufus-json (>= 1.0.3)
    rufus-dollar (1.0.4)
    rufus-json (1.0.6)
    rufus-mnemo (1.2.3)
    rufus-scheduler (3.0.7)
      tzinfo
    rufus-treechecker (1.0.8)
      ruby_parser (>= 2.0.5)
    rugged (0.17.0.b7)
    ruote (2.3.0.1)
      blankslate (= 2.1.2.4)
      parslet (>= 1.4.0)
      rufus-cloche (>= 1.0.2)
      rufus-dollar (>= 1.0.4)
      rufus-json (>= 1.0.1)
      rufus-mnemo (>= 1.2.2)
      rufus-scheduler (>= 2.0.16)
      rufus-treechecker (>= 1.0.8)
      sourcify (= 0.5.0)
    sequel (3.25.0)
    sexp_processor (3.2.0)
    sourcify (0.5.0)
      file-tail (>= 1.0.5)
      ruby2ruby (>= 1.2.5)
      ruby_parser (>= 2.0.5)
      sexp_processor (>= 3.0.5)
    sshkey (1.6.1)
    sshkeyauth (0.0.11)
      net-ssh
    stomp (1.1.9)
    systemu (2.5.2)
    thin (1.6.2)
      daemons (>= 1.0.9)
      eventmachine (>= 1.0.0)
      rack (>= 1.0.0)
    thread_safe (0.3.3)
    tins (0.13.2)
    treetop (1.4.15)
      polyglot
      polyglot (>= 0.3.1)
    tzinfo (1.1.0)
      thread_safe (~> 0.1)
    uuidtools (2.1.4)
    yajl-ruby (1.2.0)

PLATFORMS
  ruby

DEPENDENCIES
  activesupport (~> 3.0.0)
  awesome_print (= 1.1.0)
  bundler (>= 1.1.5)
  chef (= 10.16.2)
  colorize (~> 0.5.8)
  debugger
  docile
  dtk-common!
  dtk-common-core!
  em-ssh (= 0.6.5)
  eventmachine (= 1.0.3)
  excon (= 0.16.10)
  fog (= 1.8.0)
  grit (= 2.5.0)
  iconv
  innate (= 2012.03)
  json (= 1.5.2)
  looksee
  mcollective-client (= 2.2.3)
  pg (= 0.14.1)
  puppet (= 3.4.0)
  ramaze (= 2012.04.14)
  rspec (= 2.11.0)
  ruby_parser (= 2.3.1)
  rugged (= 0.17.0.b7)
  ruote (= 2.3.0.1)
  sequel (= 3.25.0)
  sshkey (= 1.6.1)
  sshkeyauth (= 0.0.11)
  stomp (= 1.1.9)
  thin
