GIT
  remote: git://github.com/dtk/dtk-common-core.git
  revision: 8dd79939a40886a46ebef34616006f129191f084
  specs:
    dtk-common-core (0.9.0)
      rest-client (= 1.6.7)

GIT
  remote: git://github.com/dtk/dtk-common.git
  revision: 93d50c4a6b32376a2b4b503e8284a1e2bd64f671
  specs:
    dtk-common (0.9.1)
      colorize (~> 0.5.8)
      docker-api (~> 1.26)
      dtk-common-core (= 0.9.0)
      erubis (~> 2.7)
      grit (~> 2.5)
      rugged (~> 0.17.0.b7)

GIT
  remote: git://github.com/dtk/dtk-dsl.git
  revision: 4c30bf4e8b3488ff7c9dcc3ca7e025a162ea41a3
  specs:
    dtk-dsl (0.0.1)

GEM
  remote: https://rubygems.org/
  specs:
    CFPropertyList (2.3.2)
    activesupport (3.2.22.2)
      i18n (~> 0.6, >= 0.6.4)
      multi_json (~> 1.0)
    addressable (2.4.0)
    awesome_print (1.1.0)
    blankslate (2.1.2.4)
    builder (3.2.2)
    celluloid (0.16.0)
      timers (~> 4.0.0)
    colorize (0.5.8)
    columnize (0.8.9)
    daemons (1.1.9)
    debugger (1.6.8)
      columnize (>= 0.3.1)
      debugger-linecache (~> 1.2.0)
      debugger-ruby_core_source (~> 1.3.5)
    debugger-linecache (1.2.0)
    debugger-ruby_core_source (1.3.8)
    diff-lcs (1.2.5)
    docile (1.1.3)
    docker-api (1.31.0)
      excon (>= 0.38.0)
      json
    em-ssh (0.6.5)
      eventmachine
      net-ssh
    erubis (2.7.0)
    eventmachine (1.0.8)
    excon (0.52.0)
    facter (1.7.6)
    file-tail (1.0.12)
      tins (~> 0.5)
    fission (0.5.0)
      CFPropertyList (~> 2.2)
    fog (1.38.0)
      fog-aliyun (>= 0.1.0)
      fog-atmos
      fog-aws (>= 0.6.0)
      fog-brightbox (~> 0.4)
      fog-cloudatcost (~> 0.1.0)
      fog-core (~> 1.32)
      fog-dynect (~> 0.0.2)
      fog-ecloud (~> 0.1)
      fog-google (<= 0.1.0)
      fog-json
      fog-local
      fog-openstack
      fog-powerdns (>= 0.1.1)
      fog-profitbricks
      fog-rackspace
      fog-radosgw (>= 0.0.2)
      fog-riakcs
      fog-sakuracloud (>= 0.0.4)
      fog-serverlove
      fog-softlayer
      fog-storm_on_demand
      fog-terremark
      fog-vmfusion
      fog-voxel
      fog-vsphere (>= 0.4.0)
      fog-xenserver
      fog-xml (~> 0.1.1)
      ipaddress (~> 0.5)
    fog-aliyun (0.1.0)
      fog-core (~> 1.27)
      fog-json (~> 1.0)
      ipaddress (~> 0.8)
      xml-simple (~> 1.1)
    fog-atmos (0.1.0)
      fog-core
      fog-xml
    fog-aws (0.9.2)
      fog-core (~> 1.27)
      fog-json (~> 1.0)
      fog-xml (~> 0.1)
      ipaddress (~> 0.8)
    fog-brightbox (0.10.1)
      fog-core (~> 1.22)
      fog-json
      inflecto (~> 0.0.2)
    fog-cloudatcost (0.1.2)
      fog-core (~> 1.36)
      fog-json (~> 1.0)
      fog-xml (~> 0.1)
      ipaddress (~> 0.8)
    fog-core (1.40.0)
      builder
      excon (~> 0.49)
      formatador (~> 0.2)
    fog-dynect (0.0.3)
      fog-core
      fog-json
      fog-xml
    fog-ecloud (0.3.0)
      fog-core
      fog-xml
    fog-google (0.1.0)
      fog-core
      fog-json
      fog-xml
    fog-json (1.0.2)
      fog-core (~> 1.0)
      multi_json (~> 1.10)
    fog-local (0.3.0)
      fog-core (~> 1.27)
    fog-openstack (0.1.6)
      fog-core (>= 1.39)
      fog-json (>= 1.0)
      ipaddress (>= 0.8)
    fog-powerdns (0.1.1)
      fog-core (~> 1.27)
      fog-json (~> 1.0)
      fog-xml (~> 0.1)
    fog-profitbricks (0.0.5)
      fog-core
      fog-xml
      nokogiri
    fog-rackspace (0.1.1)
      fog-core (>= 1.35)
      fog-json (>= 1.0)
      fog-xml (>= 0.1)
      ipaddress (>= 0.8)
    fog-radosgw (0.0.5)
      fog-core (>= 1.21.0)
      fog-json
      fog-xml (>= 0.0.1)
    fog-riakcs (0.1.0)
      fog-core
      fog-json
      fog-xml
    fog-sakuracloud (1.7.5)
      fog-core
      fog-json
    fog-serverlove (0.1.2)
      fog-core
      fog-json
    fog-softlayer (1.1.1)
      fog-core
      fog-json
    fog-storm_on_demand (0.1.1)
      fog-core
      fog-json
    fog-terremark (0.1.0)
      fog-core
      fog-xml
    fog-vmfusion (0.1.0)
      fission
      fog-core
    fog-voxel (0.1.0)
      fog-core
      fog-xml
    fog-vsphere (0.7.0)
      fog-core
      rbvmomi (~> 1.8)
    fog-xenserver (0.2.3)
      fog-core
      fog-xml
    fog-xml (0.1.2)
      fog-core
      nokogiri (~> 1.5, >= 1.5.11)
    formatador (0.2.5)
    grit (2.5.0)
      diff-lcs (~> 1.1)
      mime-types (~> 1.15)
      posix-spawn (~> 0.3.6)
    hiera (1.3.4)
      json_pure
    hitimes (1.2.2)
    i18n (0.7.0)
    iconv (1.0.4)
    inflecto (0.0.2)
    innate (2012.03)
      rack (~> 1.4.1)
    ipaddress (0.8.3)
    json (1.8.3)
    json_pure (1.8.1)
    looksee (2.1.1)
    mcollective-client (2.2.3)
      json
      stomp
      systemu
    mime (0.4.3)
    mime-types (1.25.1)
    mini_portile2 (2.1.0)
    multi_json (1.12.1)
    mustache (0.99.8)
    net-scp (1.2.1)
      net-ssh (>= 2.6.5)
    net-ssh (2.9.4)
    nokogiri (1.6.8)
      mini_portile2 (~> 2.1.0)
      pkg-config (~> 1.1.7)
    parslet (1.5.0)
      blankslate (~> 2.0)
    pg (0.14.1)
    pkg-config (1.1.7)
    posix-spawn (0.3.11)
    puppet (3.4.0)
      facter (~> 1.6)
      hiera (~> 1.0)
      rgen (~> 0.6.5)
    rack (1.4.7)
    ramaze (2012.04.14)
      innate (>= 2012.03)
    rbvmomi (1.8.2)
      builder
      nokogiri (>= 1.4.1)
      trollop
    redis (3.2.0)
    rest-client (1.6.7)
      mime-types (>= 1.16)
    rgen (0.6.6)
    rspec (2.99.0)
      rspec-core (~> 2.99.0)
      rspec-expectations (~> 2.99.0)
      rspec-mocks (~> 2.99.0)
    rspec-core (2.99.2)
    rspec-expectations (2.99.2)
      diff-lcs (>= 1.1.3, < 2.0)
    rspec-mocks (2.99.3)
    ruby2ruby (1.3.1)
      ruby_parser (~> 2.0)
      sexp_processor (~> 3.0)
    ruby_parser (2.3.1)
      sexp_processor (~> 3.0)
    rufus-cloche (1.0.4)
      rufus-json (>= 1.0.3)
    rufus-dollar (1.0.4)
    rufus-json (1.0.6)
    rufus-mnemo (1.2.3)
    rufus-scheduler (3.0.7)
      tzinfo
    rufus-treechecker (1.0.8)
      ruby_parser (>= 2.0.5)
    rugged (0.17.0.b7)
    ruote (2.3.0.1)
      blankslate (= 2.1.2.4)
      parslet (>= 1.4.0)
      rufus-cloche (>= 1.0.2)
      rufus-dollar (>= 1.0.4)
      rufus-json (>= 1.0.1)
      rufus-mnemo (>= 1.2.2)
      rufus-scheduler (>= 2.0.16)
      rufus-treechecker (>= 1.0.8)
      sourcify (= 0.5.0)
    sequel (3.25.0)
    sexp_processor (3.2.0)
    sourcify (0.5.0)
      file-tail (>= 1.0.5)
      ruby2ruby (>= 1.2.5)
      ruby_parser (>= 2.0.5)
      sexp_processor (>= 3.0.5)
    sshkey (1.6.1)
    sshkeyauth (0.0.11)
      net-ssh
    stomp (1.1.9)
    systemu (2.6.4)
    thin (1.6.2)
      daemons (>= 1.0.9)
      eventmachine (>= 1.0.0)
      rack (>= 1.0.0)
    thread_safe (0.3.3)
    timers (4.0.1)
      hitimes
    tins (0.13.2)
    trollop (2.1.2)
    tzinfo (1.1.0)
      thread_safe (~> 0.1)
    xml-simple (1.1.5)

PLATFORMS
  ruby

DEPENDENCIES
  activesupport
  addressable
  awesome_print (= 1.1.0)
  bundler
  celluloid
  colorize (~> 0.5.8)
  debugger
  docile
  dtk-common!
  dtk-common-core!
  dtk-dsl!
  em-ssh (= 0.6.5)
  eventmachine (= 1.0.8)
  excon
  fog
  grit (= 2.5.0)
  i18n
  iconv
  innate (= 2012.03)
  json (= 1.8.3)
  looksee
  mcollective-client (= 2.2.3)
  mime
  mustache (~> 0.99.8)
  net-scp
  pg (= 0.14.1)
  puppet (= 3.4.0)
  ramaze (= 2012.04.14)
  redis
  rspec (= 2.99.0)
  ruby_parser
  rugged (= 0.17.0.b7)
  ruote (= 2.3.0.1)
  sequel (= 3.25.0)
  sshkey (= 1.6.1)
  sshkeyauth (= 0.0.11)
  stomp (= 1.1.9)
  thin

BUNDLED WITH
   1.12.5
